GEM
  remote: https://rubygems.org/
  specs:
    mime-types (2.3)
    netrc (0.7.7)
    oj (3.0.11)
    rest-client (1.7.2)
      mime-types (>= 1.16, < 3.0)
      netrc (~> 0.7)
    serialport (1.3.1)
    sqlite3 (1.3.10)
    uuidtools (2.1.4)

PLATFORMS
  ruby

DEPENDENCIES
  oj (~> 3.0.0)
  rest-client
  serialport
  sqlite3
  uuidtools

BUNDLED WITH
   1.15.4
